GEM
  remote: https://rubygems.org/
  specs:
    builder (3.2.2)
    diff-lcs (1.2.4)
    highline (1.6.20)
    kwalify (0.7.2)
    net-scp (1.1.2)
      net-ssh (>= 2.6.5)
    net-ssh (2.7.0)
    nokogiri (1.5.10)
    rake (10.1.0)
    rbvmomi (1.6.0)
      builder
      nokogiri (>= 1.4.1)
      trollop
    rspec (2.14.1)
      rspec-core (~> 2.14.0)
      rspec-expectations (~> 2.14.0)
      rspec-mocks (~> 2.14.0)
    rspec-core (2.14.6)
    rspec-expectations (2.14.3)
      diff-lcs (>= 1.1.3, < 2.0)
    rspec-mocks (2.14.4)
    rspec-system (2.5.1)
      kwalify (~> 0.7.2)
      net-scp (~> 1.1)
      net-ssh (~> 2.6)
      nokogiri (~> 1.5.9)
      rbvmomi (~> 1.6)
      rspec (~> 2.13)
      systemu (~> 2.5)
    rspec-system-puppet (2.2.1)
      rspec-system (~> 2.0)
    rspec-system-serverspec (1.0.1)
      rspec-system (~> 2.0)
      serverspec (~> 0.0)
    serverspec (0.10.11)
      highline
      net-ssh
      rspec (>= 2.13.0)
    systemu (2.5.2)
    trollop (2.0)

PLATFORMS
  ruby

DEPENDENCIES
  rake
  rspec-system-puppet
  rspec-system-serverspec
  serverspec
